GEM
  remote: https://rubygems.org/
  specs:
    coderay (1.1.1)
    ffi (1.10.0)
    method_source (0.8.2)
    pry (0.10.3)
      coderay (~> 1.1.0)
      method_source (~> 0.8.1)
      slop (~> 3.4)
    rubyserial (0.6.0)
      ffi (~> 1.9, >= 1.9.3)
    slop (3.6.0)
    thor (0.20.3)

PLATFORMS
  ruby

DEPENDENCIES
  pry
  rubyserial
  thor

BUNDLED WITH
   1.12.5
